GEM
  remote: https://rubygems.org/
  specs:
    addressable (2.4.0)
    crack (0.4.3)
      safe_yaml (~> 1.0.0)
    hashdiff (0.2.3)
    httparty (0.13.7)
      json (~> 1.8)
      multi_xml (>= 0.5.2)
    json (1.8.3)
    minitest (5.8.3)
    multi_xml (0.5.5)
    rake (10.5.0)
    safe_yaml (1.0.4)
    vcr (3.0.1)
    webmock (1.22.6)
      addressable (>= 2.3.6)
      crack (>= 0.3.2)
      hashdiff

PLATFORMS
  x64-mingw32

DEPENDENCIES
  httparty
  minitest
  rake
  vcr
  webmock

BUNDLED WITH
   1.11.2
